PATH
  remote: .
  specs:
    blur_image (0.0.1)
      mini_magick

GEM
  remote: https://rubygems.org/
  specs:
    diff-lcs (1.3)
    mini_magick (4.9.5)
    rspec (3.8.0)
      rspec-core (~> 3.8.0)
      rspec-expectations (~> 3.8.0)
      rspec-mocks (~> 3.8.0)
    rspec-core (3.8.2)
      rspec-support (~> 3.8.0)
    rspec-expectations (3.8.4)
      diff-lcs (>= 1.2.0, < 2.0)
      rspec-support (~> 3.8.0)
    rspec-mocks (3.8.1)
      diff-lcs (>= 1.2.0, < 2.0)
      rspec-support (~> 3.8.0)
    rspec-support (3.8.2)

PLATFORMS
  ruby

DEPENDENCIES
  blur_image!
  rspec (>= 3.0.0)

BUNDLED WITH
   1.13.6
