PATH
  remote: .
  specs:
    blur_image (0.0.1)
      mini_magick

GEM
  remote: https://rubygems.org/
  specs:
    diff-lcs (1.2.5)
    mini_magick (4.3.6)
    rspec (3.4.0)
      rspec-core (~> 3.4.0)
      rspec-expectations (~> 3.4.0)
      rspec-mocks (~> 3.4.0)
    rspec-core (3.4.1)
      rspec-support (~> 3.4.0)
    rspec-expectations (3.4.0)
      diff-lcs (>= 1.2.0, < 2.0)
      rspec-support (~> 3.4.0)
    rspec-mocks (3.4.0)
      diff-lcs (>= 1.2.0, < 2.0)
      rspec-support (~> 3.4.0)
    rspec-support (3.4.0)

PLATFORMS
  ruby

DEPENDENCIES
  blur_image!
  rspec (>= 3.0.0)

BUNDLED WITH
   1.10.6
