PATH
  remote: .
  specs:
    blur_image (0.0.1)
      mini_magick

GEM
  remote: https://rubygems.org/
  specs:
    mini_magick (4.2.1)

PLATFORMS
  ruby

DEPENDENCIES
  blur_image!

BUNDLED WITH
   1.10.6
