PATH
  remote: .
  specs:
    blur_image (0.0.1)
      mini_magick

GEM
  remote: https://rubygems.org/
  specs:
    diff-lcs (1.4.2)
    mini_magick (4.10.1)
    rspec (3.9.0)
      rspec-core (~> 3.9.0)
      rspec-expectations (~> 3.9.0)
      rspec-mocks (~> 3.9.0)
    rspec-core (3.9.2)
      rspec-support (~> 3.9.3)
    rspec-expectations (3.9.2)
      diff-lcs (>= 1.2.0, < 2.0)
      rspec-support (~> 3.9.0)
    rspec-mocks (3.9.1)
      diff-lcs (>= 1.2.0, < 2.0)
      rspec-support (~> 3.9.0)
    rspec-support (3.9.3)

PLATFORMS
  ruby

DEPENDENCIES
  blur_image!
  rspec (>= 3.0.0)

BUNDLED WITH
   1.13.6
