PATH
  remote: .
  specs:
    blur_image (0.0.1)
      mini_magick

GEM
  remote: https://rubygems.org/
  specs:
    diff-lcs (1.3)
    mini_magick (4.8.0)
    rspec (3.7.0)
      rspec-core (~> 3.7.0)
      rspec-expectations (~> 3.7.0)
      rspec-mocks (~> 3.7.0)
    rspec-core (3.7.0)
      rspec-support (~> 3.7.0)
    rspec-expectations (3.7.0)
      diff-lcs (>= 1.2.0, < 2.0)
      rspec-support (~> 3.7.0)
    rspec-mocks (3.7.0)
      diff-lcs (>= 1.2.0, < 2.0)
      rspec-support (~> 3.7.0)
    rspec-support (3.7.0)

PLATFORMS
  ruby

DEPENDENCIES
  blur_image!
  rspec (>= 3.0.0)

BUNDLED WITH
   1.13.6
